GEM
  remote: https://rubygems.org/
  specs:
    faraday (1.0.0)
      multipart-post (>= 1.2, < 3)
    jwt (2.2.1)
    mini_portile2 (2.4.0)
    multipart-post (2.1.1)
    mustermann (1.1.1)
      ruby2_keywords (~> 0.0.1)
    nokogiri (1.10.7)
      mini_portile2 (~> 2.4.0)
    rack (2.2.6.4)
    rack-protection (2.0.8.1)
      rack
    ruby2_keywords (0.0.2)
    sinatra (2.0.8.1)
      mustermann (~> 1.0)
      rack (~> 2.0)
      rack-protection (= 2.0.8.1)
      tilt (~> 2.0)
    tilt (2.0.10)
    twilio-ruby (5.31.3)
      faraday (~> 1.0.0)
      jwt (>= 1.5, <= 2.5)
      nokogiri (>= 1.6, < 2.0)

PLATFORMS
  ruby

DEPENDENCIES
  sinatra
  twilio-ruby

BUNDLED WITH
   2.1.4
